PATH
  remote: .
  specs:
    dryad (1.0.1)
      dryad-cluster (= 1.0.1)
      dryad-consul (= 1.0.1)
      dryad-core (= 1.0.1)
    dryad-cluster (1.0.1)
      concurrent-ruby (~> 1.1, >= 1.1.5)
      dryad-consul (= 1.0.1)
      dryad-core (= 1.0.1)
    dryad-consul (1.0.1)
      concurrent-ruby (~> 1.1, >= 1.1.5)
      diplomat (~> 2.2, >= 2.2.4)
      dryad-core (= 1.0.1)
    dryad-core (1.0.1)

GEM
  remote: https://rubygems.org/
  specs:
    activesupport (5.2.3)
      concurrent-ruby (~> 1.0, >= 1.0.2)
      i18n (>= 0.7, < 2)
      minitest (~> 5.1)
      tzinfo (~> 1.1)
    concurrent-ruby (1.1.5)
    deep_merge (1.2.1)
    diff-lcs (1.3)
    diplomat (2.2.5)
      deep_merge (~> 1.0, >= 1.0.1)
      faraday (~> 0.9)
    factory_bot (5.0.2)
      activesupport (>= 4.2.0)
    faraday (0.15.4)
      multipart-post (>= 1.2, < 3)
    i18n (1.6.0)
      concurrent-ruby (~> 1.0)
    minitest (5.11.3)
    multipart-post (2.1.1)
    rake (12.3.2)
    rspec (3.8.0)
      rspec-core (~> 3.8.0)
      rspec-expectations (~> 3.8.0)
      rspec-mocks (~> 3.8.0)
    rspec-core (3.8.0)
      rspec-support (~> 3.8.0)
    rspec-expectations (3.8.3)
      diff-lcs (>= 1.2.0, < 2.0)
      rspec-support (~> 3.8.0)
    rspec-mocks (3.8.0)
      diff-lcs (>= 1.2.0, < 2.0)
      rspec-support (~> 3.8.0)
    rspec-support (3.8.0)
    thread_safe (0.3.6)
    tzinfo (1.2.5)
      thread_safe (~> 0.1)

PLATFORMS
  ruby

DEPENDENCIES
  bundler (~> 2.0)
  dryad!
  factory_bot (~> 5.0)
  rake (~> 12.3)
  rspec (~> 3.0)

BUNDLED WITH
   2.0.1
