PATH
  remote: .
  specs:
    dryad (0.3.4)
      dryad-cluster (= 0.3.4)
      dryad-consul (= 0.3.4)
      dryad-core (= 0.3.4)
    dryad-cluster (0.3.4)
      concurrent-ruby (~> 1.1, >= 1.1.5)
      dryad-consul (= 0.3.4)
      dryad-core (= 0.3.4)
    dryad-consul (0.3.4)
      concurrent-ruby (~> 1.1, >= 1.1.5)
      diplomat (~> 2.2, >= 2.2.4)
      dryad-core (= 0.3.4)
    dryad-core (0.3.4)

GEM
  remote: https://rubygems.org/
  specs:
    concurrent-ruby (1.1.5)
    deep_merge (1.2.1)
    diff-lcs (1.3)
    diplomat (2.2.5)
      deep_merge (~> 1.0, >= 1.0.1)
      faraday (~> 0.9)
    faraday (0.15.4)
      multipart-post (>= 1.2, < 3)
    multipart-post (2.1.1)
    rake (12.3.2)
    rspec (3.8.0)
      rspec-core (~> 3.8.0)
      rspec-expectations (~> 3.8.0)
      rspec-mocks (~> 3.8.0)
    rspec-core (3.8.0)
      rspec-support (~> 3.8.0)
    rspec-expectations (3.8.3)
      diff-lcs (>= 1.2.0, < 2.0)
      rspec-support (~> 3.8.0)
    rspec-mocks (3.8.0)
      diff-lcs (>= 1.2.0, < 2.0)
      rspec-support (~> 3.8.0)
    rspec-support (3.8.0)

PLATFORMS
  ruby

DEPENDENCIES
  bundler (~> 2.0)
  dryad!
  rake (~> 12.3)
  rspec (~> 3.0)

BUNDLED WITH
   2.0.1
