PATH
  remote: .
  specs:
    dryad (0.1.0)
      diplomat

GEM
  remote: https://rubygems.org/
  specs:
    deep_merge (1.2.1)
    diff-lcs (1.3)
    diplomat (2.2.4)
      deep_merge (~> 1.0, >= 1.0.1)
      faraday (~> 0.9)
    faraday (0.15.4)
      multipart-post (>= 1.2, < 3)
    multipart-post (2.0.0)
    rake (10.5.0)
    rspec (3.8.0)
      rspec-core (~> 3.8.0)
      rspec-expectations (~> 3.8.0)
      rspec-mocks (~> 3.8.0)
    rspec-core (3.8.0)
      rspec-support (~> 3.8.0)
    rspec-expectations (3.8.3)
      diff-lcs (>= 1.2.0, < 2.0)
      rspec-support (~> 3.8.0)
    rspec-mocks (3.8.0)
      diff-lcs (>= 1.2.0, < 2.0)
      rspec-support (~> 3.8.0)
    rspec-support (3.8.0)

PLATFORMS
  ruby

DEPENDENCIES
  bundler (~> 2.0)
  dryad!
  rake (~> 10.0)
  rspec (~> 3.0)

BUNDLED WITH
   2.0.1
